GEM
  remote: https://rubygems.org/
  specs:
    ig-crypto-utils (0.0.1)
    minitest (5.4.3)
    rubysl-securerandom (2.0.0)

PLATFORMS
  ruby

DEPENDENCIES
  ig-crypto-utils
  minitest
  rubysl-securerandom
